GEM
  remote: https://rubygems.org/
  specs:
    statemachine (2.0.1)

PLATFORMS
  ruby

DEPENDENCIES
  statemachine (~> 2.0.1)
