GEM
  remote: https://rubygems.org/
  specs:
    builder (3.2.0)
    cucumber (1.2.5)
      builder (>= 2.1.2)
      diff-lcs (>= 1.1.3)
      gherkin (~> 2.11.7)
      multi_json (~> 1.3)
    diff-lcs (1.1.3)
    gherkin (2.11.8)
      multi_json (~> 1.3)
    multi_json (1.7.2)
    rspec-core (2.12.2)
    rspec-expectations (2.12.1)
      diff-lcs (~> 1.1.3)
    rspec-mocks (2.12.1)
    statemachine (2.2.0)

PLATFORMS
  ruby

DEPENDENCIES
  cucumber
  rspec-core
  rspec-expectations
  rspec-mocks
  statemachine (~> 2.2.0)
